GEM
  remote: https://rubygems.org/
  specs:
    aescrypt (1.0.0)
    nokogiri (1.14.3-arm64-darwin)
      racc (~> 1.4)
    racc (1.6.2)
    rubyXL (3.4.25)
      nokogiri (>= 1.10.8)
      rubyzip (>= 1.3.0)
    rubyzip (2.3.2)

PLATFORMS
  arm64-darwin-21

DEPENDENCIES
  aescrypt
  rubyXL

BUNDLED WITH
   2.3.26
